GEM
  remote: https://rubygems.org/
  specs:
    ansi (1.5.0)
    hashie (3.4.4)
    itamae (1.9.6)
      ansi
      hashie
      schash (~> 0.1.0)
      specinfra (>= 2.37.0, < 3.0.0)
      thor
    itamae-node_env (0.0.8)
      itamae (>= 1.1.1)
    itamae-plugin-recipe-anyenv (0.3.1)
      itamae (~> 1.4)
    itamae-plugin-recipe-homebrew (0.0.3)
      itamae (~> 1.5)
    net-scp (1.2.1)
      net-ssh (>= 2.6.5)
    net-ssh (3.1.1)
    net-telnet (0.1.1)
    schash (0.1.2)
    sfl (2.2)
    specinfra (2.57.4)
      net-scp
      net-ssh (>= 2.7, < 4.0)
      net-telnet
      sfl
    thor (0.19.1)

PLATFORMS
  ruby

DEPENDENCIES
  itamae
  itamae-node_env
  itamae-plugin-recipe-anyenv
  itamae-plugin-recipe-homebrew

BUNDLED WITH
   1.12.4
